GEM
  remote: https://rubygems.org/
  specs:
    concurrent-ruby (1.0.0.pre2)

PLATFORMS
  ruby

DEPENDENCIES
  concurrent-ruby (= 1.0.0.pre2)

BUNDLED WITH
   1.10.6
