GEM
  remote: https://rubygems.org/
  specs:
    colorize (0.7.7)
    concurrent-ruby (0.9.1)
    concurrent-ruby-edge (0.1.1)
      concurrent-ruby (~> 0.9.1)

PLATFORMS
  ruby

DEPENDENCIES
  colorize
  concurrent-ruby-edge

BUNDLED WITH
   1.10.6
